GEM
  remote: https://rubygems.org/
  specs:
    backports (3.11.4)
    builder (3.2.3)
    ci_reporter (2.0.0)
      builder (>= 2.1.2)
    ci_reporter_test_unit (1.0.1)
      ci_reporter (~> 2.0)
      test-unit (>= 2.5.5, < 4.0)
    multi_json (1.13.1)
    mustermann (1.0.3)
    power_assert (1.1.3)
    rack (2.0.6)
    rack-protection (2.0.5)
      rack
    rack-test (1.1.0)
      rack (>= 1.0, < 3)
    sinatra (2.0.5)
      mustermann (~> 1.0)
      rack (~> 2.0)
      rack-protection (= 2.0.5)
      tilt (~> 2.0)
    sinatra-contrib (2.0.5)
      backports (>= 2.8.2)
      multi_json
      mustermann (~> 1.0)
      rack-protection (= 2.0.5)
      sinatra (= 2.0.5)
      tilt (>= 1.3, < 3)
    test-unit (3.3.0)
      power_assert
    tilt (2.0.9)

PLATFORMS
  ruby

DEPENDENCIES
  ci_reporter_test_unit
  rack-test
  sinatra
  sinatra-contrib

BUNDLED WITH
   2.0.1
